GEM
  remote: https://rubygems.org/
  specs:
    aws-sdk-v1 (1.67.0)
      json (~> 1.4)
      nokogiri (~> 1)
    diffy (3.3.0)
    hashie (3.6.0)
    json (1.8.6)
    mini_portile2 (2.6.1)
    nokogiri (1.12.5)
      mini_portile2 (~> 2.6.1)
      racc (~> 1.4)
    piculet (0.2.9)
      aws-sdk-v1 (>= 1.48.0)
      diffy
      hashie
      term-ansicolor (>= 1.2.2)
    racc (1.5.2)
    term-ansicolor (1.7.1)
      tins (~> 1.0)
    tins (1.20.3)

PLATFORMS
  ruby

DEPENDENCIES
  nokogiri
  piculet

BUNDLED WITH
   2.0.1
